GEM
  remote: http://rubygems.org/
  specs:
    activemodel (3.1.0)
      activesupport (= 3.1.0)
      bcrypt-ruby (~> 3.0.0)
      builder (~> 3.0.0)
      i18n (~> 0.6)
    activesupport (3.1.0)
      multi_json (~> 1.0)
    addressable (2.3.6)
    bcrypt-ruby (3.0.1)
    bson (1.10.0)
    builder (3.0.4)
    capybara (2.2.1)
      mime-types (>= 1.16)
      nokogiri (>= 1.3.3)
      rack (>= 1.0.0)
      rack-test (>= 0.5.4)
      xpath (~> 2.0)
    database_cleaner (1.2.0)
    dotenv (0.7.0)
    excon (0.33.0)
    foreman (0.67.0)
      dotenv (~> 0.7.0)
      thor (~> 0.17.0)
    heroku (3.7.3)
      heroku-api (~> 0.3.17)
      launchy (>= 0.3.2)
      netrc (~> 0.7.7)
      rest-client (~> 1.6.1)
      rqrcode (~> 0.4.2)
      rubyzip
      term-ansicolor (~> 1.3.0)
    heroku-api (0.3.18)
      excon (~> 0.27)
      multi_json (~> 1.8)
    i18n (0.6.9)
    kgio (2.9.2)
    launchy (2.4.2)
      addressable (~> 2.3)
    mime-types (2.2)
    mini_portile (0.5.3)
    mongo (1.10.0)
      bson (~> 1.10.0)
    mongoid (2.3.0)
      activemodel (~> 3.1)
      mongo (~> 1.4)
      tzinfo (~> 0.3.22)
    multi_json (1.10.0)
    netrc (0.7.7)
    nokogiri (1.6.1)
      mini_portile (~> 0.5.0)
    rack (1.5.2)
    rack-protection (1.5.3)
      rack
    rack-test (0.6.2)
      rack (>= 1.0)
    raindrops (0.13.0)
    rest-client (1.6.7)
      mime-types (>= 1.16)
    rqrcode (0.4.2)
    rubyzip (1.1.3)
    sass (3.3.7)
    shotgun (0.9)
      rack (>= 1.0)
    sinatra (1.3.2)
      rack (~> 1.3, >= 1.3.6)
      rack-protection (~> 1.2)
      tilt (~> 1.3, >= 1.3.3)
    slim (2.0.2)
      temple (~> 0.6.6)
      tilt (>= 1.3.3, < 2.1)
    temple (0.6.7)
    term-ansicolor (1.3.0)
      tins (~> 1.0)
    thor (0.17.0)
    tilt (1.4.1)
    tins (1.1.0)
    tzinfo (0.3.39)
    unicorn (4.8.2)
      kgio (~> 2.6)
      rack
      raindrops (~> 0.7)
    xpath (2.0.0)
      nokogiri (~> 1.3)

PLATFORMS
  ruby

DEPENDENCIES
  activemodel (= 3.1.0)
  capybara
  database_cleaner
  foreman
  heroku
  mongoid (= 2.3.0)
  rack-test
  sass
  shotgun
  sinatra (= 1.3.2)
  slim
  unicorn
